PATH
  remote: .
  specs:
    flvtool2 (1.0.7)

GEM
  remote: http://rubygems.org/
  specs:

PLATFORMS
  ruby

DEPENDENCIES
  flvtool2!
